GEM
  remote: https://rubygems.org/
  specs:
    activesupport (4.2.0)
      i18n (~> 0.7)
      json (~> 1.7, >= 1.7.7)
      minitest (~> 5.1)
      thread_safe (~> 0.3, >= 0.3.4)
      tzinfo (~> 1.1)
    addressable (2.3.6)
    aws-sdk (1.61.0)
      aws-sdk-v1 (= 1.61.0)
    aws-sdk-v1 (1.61.0)
      json (~> 1.4)
      nokogiri (>= 1.4.4)
    capybara (2.4.4)
      mime-types (>= 1.16)
      nokogiri (>= 1.3.3)
      rack (>= 1.0.0)
      rack-test (>= 0.5.4)
      xpath (~> 2.0)
    claide (0.8.0)
    cliver (0.3.2)
    cocoapods (0.36.0.beta.2)
      activesupport (>= 3.2.15)
      claide (~> 0.8.0)
      cocoapods-core (= 0.36.0.beta.2)
      cocoapods-downloader (~> 0.8.1)
      cocoapods-plugins (~> 0.4.0)
      cocoapods-trunk (~> 0.5.0)
      cocoapods-try (~> 0.4.3)
      colored (~> 1.2)
      escape (~> 0.0.4)
      molinillo (~> 0.2.0)
      nap (~> 0.8)
      open4 (~> 1.3)
      xcodeproj (~> 0.21.2)
    cocoapods-core (0.36.0.beta.2)
      activesupport (>= 3.2.15)
      fuzzy_match (~> 2.0.4)
      nap (~> 0.8.0)
    cocoapods-downloader (0.8.1)
    cocoapods-plugins (0.4.0)
      nap
    cocoapods-trunk (0.5.0)
      nap (>= 0.8)
      netrc (= 0.7.8)
    cocoapods-try (0.4.3)
    colored (1.2)
    commander (4.2.1)
      highline (~> 1.6.11)
    credentials_manager (0.1.2)
      colored
      highline (~> 1.6.21)
      security (~> 0.1.3)
    deliver (0.7.4)
      capybara (~> 2.4.3)
      colored
      commander (~> 4.2.0)
      credentials_manager
      fastimage (~> 1.6.3)
      highline (~> 1.6.21)
      json
      multi_json
      nokogiri (~> 1.6.5)
      plist (~> 3.1.0)
      poltergeist (~> 1.5.1)
      prawn
      rubyzip (~> 1.1.6)
    dotenv (0.11.1)
      dotenv-deployment (~> 0.0.2)
    dotenv-deployment (0.0.2)
    escape (0.0.4)
    faraday (0.8.9)
      multipart-post (~> 1.2.0)
    faraday_middleware (0.9.1)
      faraday (>= 0.7.4, < 0.10)
    fastimage (1.6.6)
      addressable (~> 2.3, >= 2.3.5)
    fastlane (0.1.6)
      colored
      commander (~> 4.2.0)
      credentials_manager
      deliver (>= 0.5.0)
      frameit (>= 0.2.0)
      highline (~> 1.6.21)
      hipchat (~> 1.4)
      json
      nokogiri (~> 1.6.5)
      pem (>= 0.3.0)
      produce (>= 0.1.0)
      shenzhen (~> 0.11.0)
      sigh (>= 0.2.0)
      slack-notifier (~> 1.0)
      snapshot (>= 0.4.0)
    frameit (0.2.1)
      colored
      commander (~> 4.2.0)
      deliver (> 0.3)
      fastimage (~> 1.6.3)
      highline (~> 1.6.21)
      json
      mini_magick (~> 4.0.2)
    fuzzy_match (2.0.4)
    highline (1.6.21)
    hipchat (1.4.0)
      httparty
    httparty (0.13.3)
      json (~> 1.8)
      multi_xml (>= 0.5.2)
    i18n (0.7.0)
    json (1.8.2)
    mime-types (2.4.3)
    mini_magick (4.0.3)
    mini_portile (0.6.2)
    minitest (5.5.1)
    molinillo (0.2.0)
    multi_json (1.10.1)
    multi_xml (0.5.5)
    multipart-post (1.2.0)
    nap (0.8.0)
    net-sftp (2.1.2)
      net-ssh (>= 2.6.5)
    net-ssh (2.9.2)
    netrc (0.7.8)
    nokogiri (1.6.6.2)
      mini_portile (~> 0.6.0)
    open4 (1.3.4)
    pdf-core (0.4.0)
    pem (0.3.1)
      capybara (~> 2.4.3)
      colored
      commander (~> 4.2.0)
      credentials_manager
      highline (~> 1.6.21)
      json
      poltergeist (~> 1.5.1)
    plist (3.1.0)
    poltergeist (1.5.1)
      capybara (~> 2.1)
      cliver (~> 0.3.1)
      multi_json (~> 1.0)
      websocket-driver (>= 0.2.0)
    prawn (1.3.0)
      pdf-core (~> 0.4.0)
      ttfunk (~> 1.4.0)
    produce (0.1.0)
      capybara (~> 2.4.3)
      colored
      commander (~> 4.2.0)
      credentials_manager
      highline (~> 1.6.21)
      json
      poltergeist (~> 1.5.1)
    rack (1.6.0)
    rack-test (0.6.3)
      rack (>= 1.0)
    rubyzip (1.1.6)
    security (0.1.3)
    shenzhen (0.11.0)
      aws-sdk (~> 1.0)
      commander (~> 4.1)
      dotenv (~> 0.7)
      faraday (~> 0.8.9)
      faraday_middleware (~> 0.9)
      json (~> 1.8)
      net-sftp (~> 2.1.2)
      plist (~> 3.1.0)
      rubyzip (~> 1.1)
      security (~> 0.1.3)
      terminal-table (~> 1.4.5)
    sigh (0.2.1)
      capybara (~> 2.4.3)
      colored
      commander (~> 4.2.0)
      credentials_manager
      highline (~> 1.6.21)
      json
      poltergeist (~> 1.5.1)
    slack-notifier (1.0.0)
    snapshot (0.4.7)
      colored
      commander (~> 4.2.0)
      fastimage (~> 1.6.3)
      highline (~> 1.6.21)
      json
    terminal-table (1.4.5)
    thread_safe (0.3.4)
    ttfunk (1.4.0)
    tzinfo (1.2.2)
      thread_safe (~> 0.1)
    websocket-driver (0.5.1)
      websocket-extensions (>= 0.1.0)
    websocket-extensions (0.1.1)
    xcodeproj (0.21.2)
      activesupport (>= 3)
      colored (~> 1.2)
    xpath (2.0.0)
      nokogiri (~> 1.3)

PLATFORMS
  ruby

DEPENDENCIES
  cocoapods (= 0.36.0.beta.2)
  fastlane
